PATH
  remote: ../common
  specs:
    dependabot-common (0.236.0)
      aws-sdk-codecommit (~> 1.28)
      aws-sdk-ecr (~> 1.5)
      bundler (>= 1.16, < 3.0.0)
      commonmarker (>= 0.20.1, < 0.24.0)
      docker_registry2 (~> 1.18.0)
      excon (~> 0.96, < 0.105)
      faraday (= 2.7.11)
      faraday-retry (= 2.2.0)
      gitlab (= 4.19.0)
      nokogiri (~> 1.8)
      octokit (>= 4.6, < 7.0)
      opentelemetry-sdk (~> 1.3)
      parser (>= 2.5, < 4.0)
      psych (~> 5.0)
      sorbet-runtime (~> 0.5.11026)
      toml-rb (>= 1.1.2, < 3.0)

PATH
  remote: .
  specs:
    dependabot-nuget (0.236.0)
      dependabot-common (= 0.236.0)
      rubyzip (>= 2.3.2, < 3.0)

GEM
  remote: https://rubygems.org/
  specs:
    addressable (2.8.5)
      public_suffix (>= 2.0.2, < 6.0)
    ast (2.4.2)
    aws-eventstream (1.2.0)
    aws-partitions (1.848.0)
    aws-sdk-codecommit (1.60.0)
      aws-sdk-core (~> 3, >= 3.184.0)
      aws-sigv4 (~> 1.1)
    aws-sdk-core (3.186.0)
      aws-eventstream (~> 1, >= 1.0.2)
      aws-partitions (~> 1, >= 1.651.0)
      aws-sigv4 (~> 1.5)
      jmespath (~> 1, >= 1.6.1)
    aws-sdk-ecr (1.65.0)
      aws-sdk-core (~> 3, >= 3.184.0)
      aws-sigv4 (~> 1.1)
    aws-sigv4 (1.6.1)
      aws-eventstream (~> 1, >= 1.0.2)
    base64 (0.2.0)
    citrus (3.0.2)
    commonmarker (0.23.10)
    crack (0.4.5)
      rexml
    debug (1.8.0)
      irb (>= 1.5.0)
      reline (>= 0.3.1)
    diff-lcs (1.5.0)
    docker_registry2 (1.18.0)
      rest-client (>= 1.8.0)
    domain_name (0.5.20190701)
      unf (>= 0.0.5, < 1.0.0)
    excon (0.104.0)
    faraday (2.7.11)
      base64
      faraday-net_http (>= 2.0, < 3.1)
      ruby2_keywords (>= 0.0.4)
    faraday-net_http (3.0.2)
    faraday-retry (2.2.0)
      faraday (~> 2.0)
    gitlab (4.19.0)
      httparty (~> 0.20)
      terminal-table (>= 1.5.1)
    gpgme (2.0.23)
      mini_portile2 (~> 2.7)
    hashdiff (1.0.1)
    http-accept (1.7.0)
    http-cookie (1.0.5)
      domain_name (~> 0.5)
    httparty (0.21.0)
      mini_mime (>= 1.0.0)
      multi_xml (>= 0.5.2)
    io-console (0.6.0)
    irb (1.8.2)
      rdoc
      reline (>= 0.3.8)
    jmespath (1.6.2)
    json (2.6.3)
    language_server-protocol (3.17.0.3)
    mime-types (3.5.1)
      mime-types-data (~> 3.2015)
    mime-types-data (3.2023.1003)
    mini_mime (1.1.5)
    mini_portile2 (2.8.4)
    multi_xml (0.6.0)
    netrc (0.11.0)
    nokogiri (1.15.4-x86_64-linux)
      racc (~> 1.4)
    octokit (6.1.1)
      faraday (>= 1, < 3)
      sawyer (~> 0.9)
    opentelemetry-api (1.2.3)
    opentelemetry-common (0.20.0)
      opentelemetry-api (~> 1.0)
    opentelemetry-registry (0.3.0)
      opentelemetry-api (~> 1.1)
    opentelemetry-sdk (1.3.1)
      opentelemetry-api (~> 1.1)
      opentelemetry-common (~> 0.20)
      opentelemetry-registry (~> 0.2)
      opentelemetry-semantic_conventions
    opentelemetry-semantic_conventions (1.10.0)
      opentelemetry-api (~> 1.0)
    parallel (1.23.0)
    parallel_tests (4.3.0)
      parallel
    parser (3.2.2.4)
      ast (~> 2.4.1)
      racc
    psych (5.1.1)
      stringio
    public_suffix (5.0.3)
    racc (1.7.1)
    rainbow (3.1.1)
    rake (13.0.6)
    rdoc (6.5.0)
      psych (>= 4.0.0)
    regexp_parser (2.8.2)
    reline (0.3.9)
      io-console (~> 0.5)
    rest-client (2.1.0)
      http-accept (>= 1.7.0, < 2.0)
      http-cookie (>= 1.0.2, < 2.0)
      mime-types (>= 1.16, < 4.0)
      netrc (~> 0.8)
    rexml (3.2.6)
    rspec (3.12.0)
      rspec-core (~> 3.12.0)
      rspec-expectations (~> 3.12.0)
      rspec-mocks (~> 3.12.0)
    rspec-core (3.12.2)
      rspec-support (~> 3.12.0)
    rspec-expectations (3.12.3)
      diff-lcs (>= 1.2.0, < 2.0)
      rspec-support (~> 3.12.0)
    rspec-its (1.3.0)
      rspec-core (>= 3.0.0)
      rspec-expectations (>= 3.0.0)
    rspec-mocks (3.12.6)
      diff-lcs (>= 1.2.0, < 2.0)
      rspec-support (~> 3.12.0)
    rspec-sorbet (1.9.2)
      sorbet-runtime
    rspec-support (3.12.1)
    rubocop (1.57.2)
      json (~> 2.3)
      language_server-protocol (>= 3.17.0)
      parallel (~> 1.10)
      parser (>= 3.2.2.4)
      rainbow (>= 2.2.2, < 4.0)
      regexp_parser (>= 1.8, < 3.0)
      rexml (>= 3.2.5, < 4.0)
      rubocop-ast (>= 1.28.1, < 2.0)
      ruby-progressbar (~> 1.7)
      unicode-display_width (>= 2.4.0, < 3.0)
    rubocop-ast (1.29.0)
      parser (>= 3.2.1.0)
    rubocop-performance (1.19.1)
      rubocop (>= 1.7.0, < 2.0)
      rubocop-ast (>= 0.4.0)
    rubocop-sorbet (0.7.4)
      rubocop (>= 0.90.0)
    ruby-progressbar (1.13.0)
    ruby2_keywords (0.0.5)
    rubyzip (2.3.2)
    sawyer (0.9.2)
      addressable (>= 2.3.5)
      faraday (>= 0.17.3, < 3)
    sorbet-runtime (0.5.11120)
    stackprof (0.2.25)
    stringio (3.0.8)
    terminal-table (3.0.2)
      unicode-display_width (>= 1.1.1, < 3)
    toml-rb (2.2.0)
      citrus (~> 3.0, > 3.0)
    turbo_tests (2.2.0)
      parallel_tests (>= 3.3.0, < 5)
      rspec (>= 3.10)
    unf (0.1.4)
      unf_ext
    unf_ext (0.0.8.2)
    unicode-display_width (2.5.0)
    vcr (6.2.0)
    webmock (3.19.1)
      addressable (>= 2.8.0)
      crack (>= 0.3.2)
      hashdiff (>= 0.4.0, < 2.0.0)

PLATFORMS
  x86_64-linux

DEPENDENCIES
  debug (~> 1.8.0)
  dependabot-common!
  dependabot-nuget!
  gpgme (~> 2.0)
  rake (~> 13)
  rspec (~> 3.12)
  rspec-its (~> 1.3)
  rspec-sorbet (~> 1.9.2)
  rubocop (~> 1.57.2)
  rubocop-performance (~> 1.19.0)
  rubocop-sorbet (~> 0.7.3)
  rubyzip (>= 2.3.2, < 3.0)
  stackprof (~> 0.2.16)
  turbo_tests (~> 2.2.0)
  vcr (~> 6.1)
  webmock (~> 3.18)

BUNDLED WITH
   2.3.26
